GEM
  remote: https://rubygems.org/
  specs:
    bcrypt (3.1.20)

PLATFORMS
  ruby

DEPENDENCIES
  bcrypt

BUNDLED WITH
   2.3.7
